GEM
  remote: https://rubygems.org/
  specs:
    activesupport (3.0.0)
    mime-types (2.0)
    rack (1.5.2)
    rack-protection (1.5.1)
      rack
    rest-client (1.6.7)
      mime-types (>= 1.16)
    sinatra (1.4.4)
      rack (~> 1.4)
      rack-protection (~> 1.4)
      tilt (~> 1.3, >= 1.3.4)
    tilt (1.4.1)
    yajl-ruby (1.1.0)

PLATFORMS
  ruby

DEPENDENCIES
  activesupport
  rest-client
  sinatra
  yajl-ruby
